GEM
  remote: https://rubygems.org/
  specs:
    minitest (5.16.3)

PLATFORMS
  arm64-darwin-22

DEPENDENCIES
  minitest (~> 5.16)

BUNDLED WITH
   2.3.26
